RESTRICTION: >= net45
NUGET
  remote: https://www.nuget.org/api/v2
    FSharp.Core (4.0.0.1)
    Microsoft.Bcl (1.1.10)
      Microsoft.Bcl.Build (>= 1.0.14)
    Microsoft.Bcl.Build (1.0.21) - import_targets: false
    Microsoft.Net.Http (2.2.29)
      Microsoft.Bcl (>= 1.1.10)
      Microsoft.Bcl.Build (>= 1.0.14)
    Microsoft.OpenApi (1.0.0-beta014) - restriction: || (&& (>= net45) (>= netstandard2.0)) (>= net46)
    Microsoft.OpenApi.Readers (1.0.0-beta014)
      Microsoft.OpenApi (>= 1.0.0-beta014) - restriction: || (&& (>= net45) (>= netstandard2.0)) (>= net46)
      SharpYaml (>= 1.6.1) - restriction: || (&& (>= net45) (>= netstandard2.0)) (>= net46)
    Newtonsoft.Json (10.0.3)
    SharpYaml (1.6.2) - restriction: || (&& (>= net45) (>= netstandard2.0)) (>= net46)
    YamlDotNet (4.3)
GITHUB
  remote: fsharp/FSharp.Data
    src/CommonRuntime/NameUtils.fs (0fa6a6799172565f8f49bea5e572c1bb191406ff)
    src/CommonRuntime/Pluralizer.fs (0fa6a6799172565f8f49bea5e572c1bb191406ff)
  remote: fsprojects/FSharp.TypeProviders.SDK
    src/ProvidedTypes.fs (f0c4a6300db313eb2616c4f792cd6ae68c255e56)
    src/ProvidedTypes.fsi (f0c4a6300db313eb2616c4f792cd6ae68c255e56)
GROUP Build
RESTRICTION: == net461
NUGET
  remote: https://www.nuget.org/api/v2
    DotLiquid (2.0.254)
    FAKE (4.64.4)
    FSharp.Compiler.Service (2.0.0.6)
    FSharp.Core (4.3.4)
    FSharp.Formatting (2.14.4)
      FSharp.Compiler.Service (2.0.0.6)
      FSharpVSPowerTools.Core (>= 2.3 < 2.4)
    FSharpVSPowerTools.Core (2.3)
      FSharp.Compiler.Service (>= 2.0.0.3)
    Octokit (0.28)
    Suave (2.2.1)
      FSharp.Core (>= 4.0.0.1)
GITHUB
  remote: fsharp/FAKE
    modules/Octokit/Octokit.fsx (43d68ede74f15158defc18fab7745c142972a8cf)
      Octokit (>= 0.20)
GROUP OWIN
RESTRICTION: == net461
NUGET
  remote: https://www.nuget.org/api/v2
    FSharp.Core (4.3.4) - redirects: force
    Microsoft.AspNet.WebApi.Client (5.2.4)
      Newtonsoft.Json (>= 6.0.4)
    Microsoft.AspNet.WebApi.Core (5.2.4)
      Microsoft.AspNet.WebApi.Client (>= 5.2.4)
    Microsoft.AspNet.WebApi.Owin (5.2.4)
      Microsoft.AspNet.WebApi.Core (>= 5.2.4 < 5.3)
      Microsoft.Owin (>= 2.0.2)
      Owin (>= 1.0)
    Microsoft.AspNet.WebApi.OwinSelfHost (5.2.4)
      Microsoft.AspNet.WebApi.Owin (>= 5.2.4 < 5.3)
      Microsoft.Owin.Host.HttpListener (>= 2.0.2)
      Microsoft.Owin.Hosting (>= 2.0.2)
    Microsoft.Owin (3.1)
      Owin (>= 1.0)
    Microsoft.Owin.Host.HttpListener (3.1)
    Microsoft.Owin.Hosting (3.1)
      Microsoft.Owin (>= 3.1)
      Owin (>= 1.0)
    Newtonsoft.Json (10.0.3)
    Owin (1.0)
    Swashbuckle.Core (5.6)
      Microsoft.AspNet.WebApi.Core (>= 4.0.20710)
      Newtonsoft.Json (>= 7.0.1)

GROUP Test
RESTRICTION: == net461
NUGET
  remote: https://www.nuget.org/api/v2
    Argu (5.0.1)
      FSharp.Core (>= 4.0.0.1)
    Expecto (5.1.2)
      Argu (>= 3.7)
      FSharp.Core (>= 4.1.18)
      Mono.Cecil (>= 0.10.0-beta7)
      System.ValueTuple (>= 4.4)
    FSharp.Compiler.Service (17.0.1)
      System.Collections.Immutable (>= 1.3.1)
      System.Reflection.Metadata (>= 1.4.2)
    FSharp.Core (4.3.4) - redirects: force
    Microsoft.NETCore.Platforms (2.0.1)
    Mono.Cecil (0.10.0-beta7)
    NETStandard.Library (2.0.1)
      Microsoft.NETCore.Platforms (>= 1.1)
    System.Collections.Immutable (1.4)
      NETStandard.Library (>= 1.6.1)
    System.Reflection.Metadata (1.5)
      NETStandard.Library (>= 1.6.1)
      System.Collections.Immutable (>= 1.4)
    System.ValueTuple (4.4)
