RESTRICTION: >= net45
NUGET
  remote: https://www.nuget.org/api/v2
    FSharp.Core (4.0.0.1)
    Newtonsoft.Json (10.0.3)
    YamlDotNet (4.2.1)
GITHUB
  remote: fsharp/FSharp.Data
    src/CommonRuntime/IO.fs (503ed03c0ab56dcd4938946d898df886a7c5a79c)
    src/CommonRuntime/NameUtils.fs (503ed03c0ab56dcd4938946d898df886a7c5a79c)
    src/CommonRuntime/Pluralizer.fs (503ed03c0ab56dcd4938946d898df886a7c5a79c)
    src/CommonRuntime/StructuralTypes.fs (503ed03c0ab56dcd4938946d898df886a7c5a79c)
    src/CommonRuntime/TextConversions.fs (503ed03c0ab56dcd4938946d898df886a7c5a79c)
    src/Json/JsonConversions.fs (503ed03c0ab56dcd4938946d898df886a7c5a79c)
    src/Json/JsonExtensions.fs (503ed03c0ab56dcd4938946d898df886a7c5a79c)
    src/Json/JsonValue.fs (503ed03c0ab56dcd4938946d898df886a7c5a79c)
    src/Net/UriUtils.fs (503ed03c0ab56dcd4938946d898df886a7c5a79c)
  remote: baronfel/FSharp.Data
    src/Net/Http.fs (1cb6137d5cc10a0c633858b2e0dbc340c5ed4736)
  remote: fsprojects/FSharp.TypeProviders.StarterPack
    src/ProvidedTypes.fs (1dab4f94411500794342f61f877feab772e5a754)
    src/ProvidedTypes.fsi (1dab4f94411500794342f61f877feab772e5a754)
    src/ProvidedTypesTesting.fs (1dab4f94411500794342f61f877feab772e5a754)
GROUP Build
RESTRICTION: == net45
NUGET
  remote: https://www.nuget.org/api/v2
    DotLiquid (2.0.168)
    FAKE (4.63)
    FSharp.Compiler.Service (2.0.0.6)
    FSharp.Core (4.2.3)
    FSharp.Formatting (2.14.4)
      FSharp.Compiler.Service (2.0.0.6)
      FSharpVSPowerTools.Core (>= 2.3 < 2.4)
    FSharpVSPowerTools.Core (2.3)
      FSharp.Compiler.Service (>= 2.0.0.3)
    Octokit (0.24)
    Suave (2.2.1)
      FSharp.Core (>= 4.0.0.1)
GITHUB
  remote: fsharp/FAKE
    modules/Octokit/Octokit.fsx (291f58cc70aba6dd871cf18e66d2d88357e4f208)
      Octokit (>= 0.20)
GROUP OWIN
RESTRICTION: == net461
NUGET
  remote: https://www.nuget.org/api/v2
    FSharp.Core (4.2.3) - redirects: force
    Microsoft.AspNet.WebApi.Client (5.2.3)
      Newtonsoft.Json (>= 6.0.4)
    Microsoft.AspNet.WebApi.Core (5.2.3)
      Microsoft.AspNet.WebApi.Client (>= 5.2.3)
    Microsoft.AspNet.WebApi.Owin (5.2.3)
      Microsoft.AspNet.WebApi.Core (>= 5.2.3 < 5.3)
      Microsoft.Owin (>= 2.0.2)
      Owin (>= 1.0)
    Microsoft.AspNet.WebApi.OwinSelfHost (5.2.3)
      Microsoft.AspNet.WebApi.Owin (>= 5.2.3 < 5.3)
      Microsoft.Owin.Host.HttpListener (>= 2.0.2)
      Microsoft.Owin.Hosting (>= 2.0.2)
    Microsoft.Owin (3.1)
      Owin (>= 1.0)
    Microsoft.Owin.Host.HttpListener (3.1)
    Microsoft.Owin.Hosting (3.1)
      Microsoft.Owin (>= 3.1)
      Owin (>= 1.0)
    Newtonsoft.Json (10.0.3)
    Owin (1.0)
    Swashbuckle.Core (5.6)
      Microsoft.AspNet.WebApi.Core (>= 4.0.20710)
      Newtonsoft.Json (>= 7.0.1)

GROUP Test
RESTRICTION: == net461
NUGET
  remote: https://www.nuget.org/api/v2
    Argu (3.7)
    Expecto (5.0)
      Argu (>= 3.7)
      FSharp.Core (>= 4.1.12)
      Mono.Cecil (>= 0.10.0-beta5)
    FSharp.Compiler.Service (13.0)
      System.Collections.Immutable (>= 1.3.1)
      System.Reflection.Metadata (>= 1.4.2)
    FSharp.Core (4.2.3) - redirects: force
    FSharp.Data (2.3.3)
    Microsoft.NETCore.Platforms (2.0)
    Mono.Cecil (0.10.0-beta6)
    NETStandard.Library (2.0)
      Microsoft.NETCore.Platforms (>= 1.1)
    System.Collections.Immutable (1.4)
      NETStandard.Library (>= 1.6.1)
    System.Reflection.Metadata (1.5)
      NETStandard.Library (>= 1.6.1)
      System.Collections.Immutable (>= 1.4)
